GEM
  remote: https://rubygems.org/
  specs:
    hpricot (0.8.6)
    oauth (0.4.7)
    simple-rss (1.3.1)

PLATFORMS
  ruby

DEPENDENCIES
  hpricot
  oauth
  simple-rss
