GEM
  remote: https://rubygems.org/
  specs:
    hpricot (0.8.6)
    oauth (0.4.7)

PLATFORMS
  ruby

DEPENDENCIES
  hpricot
  oauth
