GEM
  remote: https://rubygems.org/
  specs:
    hpricot (0.8.6)
    oauth (0.4.7)
    simple-rss (1.3.1)
    thread_safe (0.3.4)
    tzinfo (1.2.2)
      thread_safe (~> 0.1)

PLATFORMS
  ruby

DEPENDENCIES
  hpricot
  oauth
  simple-rss
  tzinfo
